GEM
  remote: https://rubygems.org/
  specs:
    ast (2.4.3)
    aws-eventstream (1.3.2)
    aws-partitions (1.1109.0)
    aws-sdk-codepipeline (1.100.0)
      aws-sdk-core (~> 3, >= 3.216.0)
      aws-sigv4 (~> 1.5)
    aws-sdk-core (3.224.1)
      aws-eventstream (~> 1, >= 1.3.0)
      aws-partitions (~> 1, >= 1.992.0)
      aws-sigv4 (~> 1.9)
      base64
      jmespath (~> 1, >= 1.6.1)
      logger
    aws-sdk-sso (1.13.0)
      aws-sdk-core (~> 3, >= 3.105.0)
      aws-sigv4 (~> 1.1)
    aws-sdk-ssooidc (1.25.0)
      aws-sdk-core (~> 3, >= 3.131.0)
      aws-sigv4 (~> 1.1)
    aws-sdk-sts (1.12.0)
      aws-sdk-core (~> 3, >= 3.110.0)
      aws-sigv4 (~> 1.1)
    aws-sigv4 (1.11.0)
      aws-eventstream (~> 1, >= 1.0.2)
    base64 (0.3.0)
    colorize (0.8.1)
    diff-lcs (1.6.2)
    jmespath (1.6.2)
    json (2.7.6)
    logger (1.7.0)
    parallel (1.24.0)
    parser (3.3.8.0)
      ast (~> 2.4.1)
      racc
    racc (1.8.1)
    rainbow (3.1.1)
    rake (13.3.0)
    regexp_parser (2.10.0)
    rexml (3.4.1)
    rspec (3.13.1)
      rspec-core (~> 3.13.0)
      rspec-expectations (~> 3.13.0)
      rspec-mocks (~> 3.13.0)
    rspec-core (3.13.4)
      rspec-support (~> 3.13.0)
    rspec-expectations (3.13.5)
      diff-lcs (>= 1.2.0, < 2.0)
      rspec-support (~> 3.13.0)
    rspec-mocks (3.13.5)
      diff-lcs (>= 1.2.0, < 2.0)
      rspec-support (~> 3.13.0)
    rspec-support (3.13.4)
    rubocop (1.50.2)
      json (~> 2.3)
      parallel (~> 1.10)
      parser (>= 3.2.0.0)
      rainbow (>= 2.2.2, < 4.0)
      regexp_parser (>= 1.8, < 3.0)
      rexml (>= 3.2.5, < 4.0)
      rubocop-ast (>= 1.28.0, < 2.0)
      ruby-progressbar (~> 1.7)
      unicode-display_width (>= 2.4.0, < 3.0)
    rubocop-ast (1.30.0)
      parser (>= 3.2.1.0)
    ruby-progressbar (1.13.0)
    thor (1.3.2)
    unicode-display_width (2.6.0)

PLATFORMS
  ruby

DEPENDENCIES
  aws-sdk-codepipeline (~> 1.0)
  aws-sdk-sso (~> 1.0)
  aws-sdk-ssooidc (~> 1.0)
  aws-sdk-sts (~> 1.0)
  colorize (~> 0.8)
  rake (~> 13.0)
  rspec (~> 3.0)
  rubocop (~> 1.0)
  thor (~> 1.0)

RUBY VERSION
   ruby 2.6.10p210

BUNDLED WITH
   1.17.2
